GEM
  remote: https://rubygems.org/
  specs:
    awesome_print (1.2.0)
    chronic (0.10.2)
    daemons (1.1.9)
    eventmachine (1.0.3)
    fast-stemmer (1.0.2)
    mini_portile (0.5.2)
    nokogiri (1.6.1)
      mini_portile (~> 0.5.0)
    pismo (0.7.4)
      awesome_print
      chronic
      fast-stemmer
      nokogiri
      sanitize
    rack (1.5.2)
    rack-protection (1.5.2)
      rack
    sanitize (2.1.0)
      nokogiri (>= 1.4.4)
    sinatra (1.4.4)
      rack (~> 1.4)
      rack-protection (~> 1.4)
      tilt (~> 1.3, >= 1.3.4)
    thin (1.6.1)
      daemons (>= 1.0.9)
      eventmachine (>= 1.0.0)
      rack (>= 1.0.0)
    tilt (1.4.1)

PLATFORMS
  ruby

DEPENDENCIES
  pismo
  sinatra
  thin
